GEM
  specs:
    autoprefixer-rails (5.2.1.1)
      execjs
      json
    bootstrap-sass (3.3.5.1)
      autoprefixer-rails (>= 5.0.0.1)
      sass (>= 3.3.0)
    execjs (2.5.2)
    json (1.8.3)
    sass (3.4.16)

PLATFORMS
  ruby

DEPENDENCIES
  bootstrap-sass

BUNDLED WITH
   1.10.6
